GEM
  remote: http://rubygems.org/
  specs:
    haml (3.1.7)
    nokogiri (1.5.6)
    rack (1.4.1)
    rack-protection (1.2.0)
      rack
    rake (10.0.2)
    sinatra (1.3.3)
      rack (~> 1.3, >= 1.3.6)
      rack-protection (~> 1.2)
      tilt (~> 1.3, >= 1.3.3)
    tilt (1.3.3)

PLATFORMS
  ruby

DEPENDENCIES
  haml
  nokogiri
  rake
  sinatra
